GEM
  remote: http://rubygems.org/
  specs:
    power_assert (1.0.1)
    rake (12.3.3)
    test-unit (3.1.8)
      power_assert

PLATFORMS
  ruby
  x86-mingw32

DEPENDENCIES
  bundler (>= 1.3.5)
  rake (= 12.3.3)
  test-unit (= 3.1.8)

BUNDLED WITH
   1.16.1
