GEM
  remote: http://rubygems.org/
  specs:
    power_assert (1.0.1)
    rake (10.0.0)
    test-unit (3.1.8)
      power_assert

PLATFORMS
  ruby

DEPENDENCIES
  bundler (>= 1.3.5)
  rake (= 10.0.0)
  test-unit (= 3.1.8)

BUNDLED WITH
   1.14.6
